GEM
  remote: https://rubygems.org/
  specs:
    bundler-audit (0.9.0.1)
      bundler (>= 1.2.0, < 3)
      thor (~> 1.0)
    nio4r (2.5.9)
    puma (5.6.7)
      nio4r (~> 2.0)
    thor (1.2.1)

PLATFORMS
  ruby

DEPENDENCIES
  bundler-audit
  puma (= 5.6.7)

BUNDLED WITH
   2.2.22
